GEM
  remote: http://rubygems.org/
  specs:
    curb (0.8.0)
    diff-lcs (1.1.2)
    htmlentities (4.3.1)
    oniguruma (1.1.0)
    rake (0.9.2.2)
    rspec (2.5.0)
      rspec-core (~> 2.5.0)
      rspec-expectations (~> 2.5.0)
      rspec-mocks (~> 2.5.0)
    rspec-core (2.5.2)
    rspec-expectations (2.5.0)
      diff-lcs (~> 1.1.2)
    rspec-mocks (2.5.0)

PLATFORMS
  ruby

DEPENDENCIES
  curb
  htmlentities (>= 4.3.1)
  oniguruma (>= 1.1.0)
  rake
  rspec (= 2.5.0)
