GEM
  remote: https://rubygems.org/
  specs:
    addressable (2.3.2)
    crack (0.3.1)
    curb (0.8.5)
    diff-lcs (1.1.3)
    htmlentities (4.3.1)
    json (1.7.5)
    mini_portile (0.5.2)
    nokogiri (1.6.1)
      mini_portile (~> 0.5.0)
    rake (0.9.2.2)
    rdoc (3.12)
      json (~> 1.4)
    rspec (2.11.0)
      rspec-core (~> 2.11.0)
      rspec-expectations (~> 2.11.0)
      rspec-mocks (~> 2.11.0)
    rspec-core (2.11.1)
    rspec-expectations (2.11.3)
      diff-lcs (~> 1.1.3)
    rspec-mocks (2.11.3)
    vcr (2.2.5)
    webmock (1.8.11)
      addressable (>= 2.2.7)
      crack (>= 0.1.7)

PLATFORMS
  ruby

DEPENDENCIES
  curb (= 0.8.5)
  htmlentities (>= 4.3.1)
  nokogiri (~> 1.6.1)
  rake
  rdoc
  rspec (~> 2.11.0)
  vcr (~> 2.2.4)
  webmock (~> 1.8.9)
