GEM
  remote: https://rubygems.org/
  specs:
    curb (0.8.5)
    diff-lcs (1.1.3)
    htmlentities (4.3.2)
    json (1.8.1)
    mini_portile (0.6.0)
    nokogiri (1.6.3.1)
      mini_portile (= 0.6.0)
    rake (10.3.2)
    rdoc (4.1.1)
      json (~> 1.4)
    rspec (2.11.0)
      rspec-core (~> 2.11.0)
      rspec-expectations (~> 2.11.0)
      rspec-mocks (~> 2.11.0)
    rspec-core (2.11.1)
    rspec-expectations (2.11.3)
      diff-lcs (~> 1.1.3)
    rspec-mocks (2.11.3)

PLATFORMS
  ruby

DEPENDENCIES
  curb (~> 0.8.5)
  htmlentities (>= 4.3.1)
  nokogiri (~> 1.6.1)
  rake
  rdoc
  rspec (~> 2.11.0)
