GEM
  remote: http://rubygems.org/
  specs:
    addressable (2.3.2)
    crack (0.3.1)
    curb (0.8.0)
    diff-lcs (1.1.3)
    htmlentities (4.3.1)
    oniguruma (1.1.0)
    rake (0.9.2.2)
    rspec (2.11.0)
      rspec-core (~> 2.11.0)
      rspec-expectations (~> 2.11.0)
      rspec-mocks (~> 2.11.0)
    rspec-core (2.11.1)
    rspec-expectations (2.11.2)
      diff-lcs (~> 1.1.3)
    rspec-mocks (2.11.2)
    vcr (2.2.4)
    webmock (1.8.9)
      addressable (>= 2.2.7)
      crack (>= 0.1.7)

PLATFORMS
  ruby

DEPENDENCIES
  curb (= 0.8.0)
  htmlentities (>= 4.3.1)
  oniguruma (>= 1.1.0)
  rake
  rspec (~> 2.11.0)
  vcr (~> 2.2.4)
  webmock (~> 1.8.9)
